GEM
  remote: https://rubygems.org/
  specs:
    mysql2 (0.4.10)

PLATFORMS
  ruby

DEPENDENCIES
  mysql2

BUNDLED WITH
   1.15.4